GEM
  remote: http://www.rubygems.org/
  specs:
    autotest-clear (1.1.0)
    mini_portile (0.6.1)
    minitest (5.5.0)
    nokogiri (1.6.5)
      mini_portile (~> 0.6.0)

PLATFORMS
  ruby

DEPENDENCIES
  autotest-clear
  minitest
  nokogiri
